GEM
  remote: http://rubygems.org/
  specs:
    puppet-lint (0.2.0)

PLATFORMS
  ruby

DEPENDENCIES
  puppet-lint (~> 0.2.0)
